GIT
  remote: https://github.com/alphagov/hiera-eyaml-gpg.git
  revision: b10d8a890a4aff78b90e4662fe1e2d5b1690937b
  branch: avoid_gpghome_env_var
  specs:
    hiera-eyaml-gpg (0.4)
      gpgme (>= 2.0.0)
      hiera-eyaml (>= 1.3.8)

GEM
  remote: https://rubygems.org/
  specs:
    addressable (2.5.2)
      public_suffix (>= 2.0.2, < 4.0)
    crack (0.4.3)
      safe_yaml (~> 1.0.0)
    diff-lcs (1.3)
    facter (2.5.1)
    faraday (0.9.2)
      multipart-post (>= 1.2, < 3)
    faraday_middleware (0.10.1)
      faraday (>= 0.7.4, < 1.0)
    fast_gettext (1.1.0)
    gettext (3.2.4)
      locale (>= 2.0.5)
      text (>= 1.3.0)
    gettext-setup (0.28)
      fast_gettext (~> 1.1.0)
      gettext (>= 3.0.2)
      locale
    gpgme (2.0.13)
      mini_portile2 (~> 2.1)
    hashdiff (0.3.6)
    hiera (3.4.0)
    hiera-eyaml (2.1.0)
      highline (~> 1.6.19)
      trollop (~> 2.0)
    highline (1.6.21)
    librarian-puppet (2.2.3)
      librarianp (>= 0.6.3)
      puppet_forge (~> 2.1)
      rsync
    librarianp (0.6.3)
      thor (~> 0.15)
    locale (2.1.2)
    metaclass (0.0.4)
    mini_portile2 (2.2.0)
    minitar (0.6.1)
    mocha (1.3.0)
      metaclass (~> 0.0.1)
    multipart-post (2.0.0)
    parallel (1.12.0)
    parallel_tests (2.15.0)
      parallel
    public_suffix (3.0.0)
    puppet (5.1.0)
      facter (> 2.0, < 4)
      gettext-setup (>= 0.10, < 1)
      hiera (>= 3.2.1, < 4)
      locale (~> 2.1)
    puppet-lint (2.3.0)
    puppet-lint-trailing_comma-check (0.3.2)
      puppet-lint (>= 1.0, < 3.0)
    puppet-syntax (2.4.1)
      rake
    puppet_forge (2.2.7)
      faraday (~> 0.9.0)
      faraday_middleware (>= 0.9.0, < 0.11.0)
      gettext-setup (~> 0.11)
      minitar
      semantic_puppet (~> 1.0)
    puppetlabs_spec_helper (2.3.2)
      mocha (~> 1.0)
      puppet-lint (~> 2.0)
      puppet-syntax (~> 2.0)
      rspec-puppet (~> 2.0)
    rake (12.0.0)
    rspec (3.6.0)
      rspec-core (~> 3.6.0)
      rspec-expectations (~> 3.6.0)
      rspec-mocks (~> 3.6.0)
    rspec-core (3.6.0)
      rspec-support (~> 3.6.0)
    rspec-expectations (3.6.0)
      diff-lcs (>= 1.2.0, < 2.0)
      rspec-support (~> 3.6.0)
    rspec-mocks (3.6.0)
      diff-lcs (>= 1.2.0, < 2.0)
      rspec-support (~> 3.6.0)
    rspec-puppet (2.6.8)
      rspec
    rspec-support (3.6.0)
    rsync (1.0.9)
    safe_yaml (1.0.4)
    semantic_puppet (1.0.1)
      gettext-setup (>= 0.3)
    sshkey (1.9.0)
    text (1.3.1)
    thor (0.20.0)
    trollop (2.1.2)
    webmock (3.0.1)
      addressable (>= 2.3.6)
      crack (>= 0.3.2)
      hashdiff

PLATFORMS
  ruby

DEPENDENCIES
  facter
  hiera
  hiera-eyaml-gpg!
  librarian-puppet
  parallel
  parallel_tests
  puppet (= 5.1.0)
  puppet-lint
  puppet-lint-trailing_comma-check
  puppet-syntax
  puppetlabs_spec_helper
  rake
  rspec-puppet
  sshkey
  webmock

BUNDLED WITH
   1.15.1
